GEM
  remote: http://rubygems.org/
  specs:
    bson (1.9.2)
    bson_ext (1.9.2)
      bson (~> 1.9.2)
    daemons (1.1.9)
    ethon (0.6.3)
      ffi (>= 1.3.0)
      mime-types (~> 1.18)
    eventmachine (1.0.3)
    ffi (1.9.3)
    firebase (0.1.6)
      json
      typhoeus (>= 0.6.1)
    haml (4.0.5)
      tilt
    httpclient (2.3.4.1)
    json (1.8.1)
    mime-types (1.25.1)
    mongo (1.9.2)
      bson (~> 1.9.2)
    multi_json (1.8.4)
    pusher (0.12.0)
      httpclient (~> 2.3.0)
      multi_json (~> 1.0)
      signature (~> 0.1.6)
    pusher-client (0.4.0)
      websocket (~> 1.0.0)
    rack (1.5.2)
    rack-protection (1.5.2)
      rack
    redis (3.0.7)
    signature (0.1.7)
    sinatra (1.4.4)
      rack (~> 1.4)
      rack-protection (~> 1.4)
      tilt (~> 1.3, >= 1.3.4)
    thin (1.6.1)
      daemons (>= 1.0.9)
      eventmachine (>= 1.0.0)
      rack (>= 1.0.0)
    tilt (1.4.1)
    typhoeus (0.6.7)
      ethon (~> 0.6.2)
    websocket (1.0.7)
    websocket-native (1.0.0)

PLATFORMS
  ruby

DEPENDENCIES
  bson_ext
  firebase
  haml
  mongo
  pusher
  pusher-client
  redis
  sinatra
  thin
  websocket-native
